PATH
  remote: .
  specs:
    net-http (0.1.1)
      net-protocol
      uri

GEM
  remote: https://rubygems.org/
  specs:
    io-wait (0.1.0)
    net-protocol (0.1.0)
      io-wait
      timeout
    power_assert (2.0.0)
    rake (13.0.1)
    test-unit (3.4.0)
      power_assert
    timeout (0.1.1)
    uri (0.10.1)
    webrick (1.7.0)

PLATFORMS
  ruby

DEPENDENCIES
  net-http!
  rake
  test-unit
  webrick

BUNDLED WITH
   2.2.15
