PATH
  remote: .
  specs:
    net-http (0.1.1)
      net-protocol
      uri

GEM
  remote: https://rubygems.org/
  specs:
    io-wait (0.1.0)
    net-protocol (0.1.1)
      io-wait
      timeout
    power_assert (2.0.1)
    rake (13.0.6)
    test-unit (3.4.4)
      power_assert
    timeout (0.1.1)
    uri (0.10.1)
    webrick (1.7.0)

PLATFORMS
  x86_64-linux

DEPENDENCIES
  net-http!
  rake
  test-unit
  webrick

BUNDLED WITH
   2.2.26
